GEM
  remote: https://rubygems.org/
  specs:
    coveralls (0.7.0)
      multi_json (~> 1.3)
      rest-client
      simplecov (>= 0.7)
      term-ansicolor
      thor
    docile (1.1.3)
    mime-types (2.3)
    minitest (5.3.4)
    minitest-around (0.2.0)
      minitest (~> 5.0)
    minitest-spec-context (0.0.3)
    multi_json (1.10.1)
    pg (0.17.1)
    rake (10.0.4)
    rest-client (1.6.7)
      mime-types (>= 1.16)
    simplecov (0.8.2)
      docile (~> 1.1.0)
      multi_json
      simplecov-html (~> 0.8.0)
    simplecov-html (0.8.0)
    sqlite3 (1.3.9)
    term-ansicolor (1.3.0)
      tins (~> 1.0)
    thor (0.19.1)
    tins (1.3.0)

PLATFORMS
  ruby

DEPENDENCIES
  coveralls
  minitest-around (~> 0.2)
  minitest-spec-context (~> 0.0.3)
  pg (~> 0.17.1)
  rake (~> 10.0.4)
  sqlite3
